GIT
  remote: git@github.com:HomeBusProjects/ruby-homebus-application.git
  revision: a75bbad8107bedd146e4dbd1ba80ed89edb3291c
  specs:
    homebus_app (0.9.6)
      dotenv
      mqtt

GIT
  remote: https://github.com/HomeBusProjects/ruby-homebus
  revision: fdb2c62826e3c53f47749a9f31c51f438fcf943d
  specs:
    homebus (0.10.14)
      mqtt (~> 0.5.0)

GEM
  remote: https://rubygems.org/
  specs:
    dotenv (2.8.1)
    mqtt (0.5.0)
    nokogiri (1.13.10-arm64-darwin)
      racc (~> 1.4)
    racc (1.6.1)

PLATFORMS
  arm64-darwin-21

DEPENDENCIES
  homebus!
  homebus_app!
  mqtt
  nokogiri

BUNDLED WITH
   2.3.25
