GIT
  remote: git@github.com:HomeBusProjects/ruby-homebus-application.git
  revision: 09598b3b6d09582b8c8dc51465cda95d3219b05a
  specs:
    homebus_app (0.9.0)
      dotenv
      mqtt

GIT
  remote: https://github.com/HomeBusProjects/ruby-homebus
  revision: 64d64f26adf2e82d4c8cb7219bdd534f2275f817
  specs:
    homebus (0.3.1)

GEM
  remote: https://rubygems.org/
  specs:
    dotenv (2.7.5)
    mini_portile2 (2.5.1)
    mqtt (0.5.0)
    nokogiri (1.11.4)
      mini_portile2 (~> 2.5.0)
      racc (~> 1.4)
    racc (1.5.2)

PLATFORMS
  ruby

DEPENDENCIES
  homebus!
  homebus_app!
  mqtt
  nokogiri (~> 1.11.4)

BUNDLED WITH
   2.1.2
